PATH
  remote: .
  specs:
    awesm (0.1.8)
      hashie
      httparty (= 0.8.1)
      json

GEM
  remote: http://rubygems.org/
  specs:
    addressable (2.2.8)
    columnize (0.3.6)
    crack (0.3.1)
    diff-lcs (1.1.3)
    hashie (1.2.0)
    httparty (0.8.1)
      multi_json
      multi_xml
    json (1.7.1)
    linecache (0.46)
      rbx-require-relative (> 0.0.4)
    multi_json (1.3.4)
    multi_xml (0.5.1)
    rake (0.9.2.2)
    rbx-require-relative (0.0.9)
    rspec (2.7.0)
      rspec-core (~> 2.7.0)
      rspec-expectations (~> 2.7.0)
      rspec-mocks (~> 2.7.0)
    rspec-core (2.7.1)
    rspec-expectations (2.7.0)
      diff-lcs (~> 1.1.2)
    rspec-mocks (2.7.0)
    ruby-debug (0.10.4)
      columnize (>= 0.1)
      ruby-debug-base (~> 0.10.4.0)
    ruby-debug-base (0.10.4)
      linecache (>= 0.3)
    webmock (1.7.8)
      addressable (~> 2.2, > 2.2.5)
      crack (>= 0.1.7)

PLATFORMS
  ruby

DEPENDENCIES
  awesm!
  hashie
  json
  rake
  rspec (= 2.7.0)
  ruby-debug
  webmock (= 1.7.8)
